GEM
  remote: https://rubygems.org/
  specs:
    ansi (1.5.0)
    ast (2.1.0)
    astrolabe (1.3.1)
      parser (~> 2.2)
    builder (3.2.2)
    docile (1.1.5)
    json (1.8.3)
    metaclass (0.0.4)
    minitest (5.8.3)
    minitest-reporters (1.1.7)
      ansi
      builder
      minitest (>= 5.0)
      ruby-progressbar
    mocha (1.1.0)
      metaclass (~> 0.0.1)
    parser (2.2.3.0)
      ast (>= 1.1, < 3.0)
    powerpack (0.1.1)
    rainbow (2.0.0)
    rake (10.4.2)
    rubocop (0.35.1)
      astrolabe (~> 1.3)
      parser (>= 2.2.3.0, < 3.0)
      powerpack (~> 0.1)
      rainbow (>= 1.99.1, < 3.0)
      ruby-progressbar (~> 1.7)
      tins (<= 1.6.0)
    ruby-progressbar (1.7.5)
    simplecov (0.10.0)
      docile (~> 1.1.0)
      json (~> 1.8)
      simplecov-html (~> 0.10.0)
    simplecov-html (0.10.0)
    tins (1.6.0)

PLATFORMS
  ruby

DEPENDENCIES
  minitest (= 5.8.3)
  minitest-reporters (= 1.1.7)
  mocha (= 1.1.0)
  rake (= 10.4.2)
  rubocop (= 0.35.1)
  simplecov (= 0.10.0)

BUNDLED WITH
   1.10.6
